GEM
  remote: http://rubygems.org/
  specs:
    rack (1.2.2)
    rack-canonical-host (0.0.3)
      rack (>= 1.0.0)
    sinatra (1.2.7)
      rack (~> 1.1)
      tilt (>= 1.2.2, < 2.0)
    tilt (1.3.3)

PLATFORMS
  ruby

DEPENDENCIES
  bundler
  rack-canonical-host
  sinatra
